GEM
  remote: https://rubygems.org/
  specs:
    builder (3.2.2)
    jwt (1.5.0)
    multi_json (1.11.1)
    rack (1.6.2)
    sinatra (1.1.0)
      rack (~> 1.1)
      tilt (~> 1.1)
    tilt (1.4.1)
    twilio-ruby (4.2.0)
      builder (>= 2.1.2)
      jwt (~> 1.0)
      multi_json (>= 1.3.0)

PLATFORMS
  ruby

DEPENDENCIES
  sinatra (= 1.1.0)
  twilio-ruby (~> 4.2.0)

BUNDLED WITH
   1.10.4
