GEM
  remote: https://rubygems.org/
  specs:
    builder (3.2.2)
    jwt (1.5.0)
    multi_json (1.11.1)
    mustermann (1.1.1)
      ruby2_keywords (~> 0.0.1)
    rack (2.2.3)
    rack-protection (2.1.0)
      rack
    ruby2_keywords (0.0.5)
    sinatra (2.1.0)
      mustermann (~> 1.0)
      rack (~> 2.2)
      rack-protection (= 2.1.0)
      tilt (~> 2.0)
    tilt (2.0.10)
    twilio-ruby (4.2.0)
      builder (>= 2.1.2)
      jwt (~> 1.0)
      multi_json (>= 1.3.0)

PLATFORMS
  ruby

DEPENDENCIES
  sinatra (= 2.1.0)
  twilio-ruby (~> 4.2.0)

RUBY VERSION
   ruby 2.6.8p205

BUNDLED WITH
   2.2.33
